PATH
  remote: .
  specs:
    browse_everything (1.2.0)
      bootstrap-sass (~> 3.0)
      ejs (~> 1.1)
      jquery-rails (~> 4.0)
      rails (~> 6.1.4, >= 6.1.4.4)
      sass-rails (~> 5.0)

GEM
  remote: https://rubygems.org/
  specs:
    actioncable (6.1.4.4)
      actionpack (= 6.1.4.4)
      activesupport (= 6.1.4.4)
      nio4r (~> 2.0)
      websocket-driver (>= 0.6.1)
    actionmailbox (6.1.4.4)
      actionpack (= 6.1.4.4)
      activejob (= 6.1.4.4)
      activerecord (= 6.1.4.4)
      activestorage (= 6.1.4.4)
      activesupport (= 6.1.4.4)
      mail (>= 2.7.1)
    actionmailer (6.1.4.4)
      actionpack (= 6.1.4.4)
      actionview (= 6.1.4.4)
      activejob (= 6.1.4.4)
      activesupport (= 6.1.4.4)
      mail (~> 2.5, >= 2.5.4)
      rails-dom-testing (~> 2.0)
    actionpack (6.1.4.4)
      actionview (= 6.1.4.4)
      activesupport (= 6.1.4.4)
      rack (~> 2.0, >= 2.0.9)
      rack-test (>= 0.6.3)
      rails-dom-testing (~> 2.0)
      rails-html-sanitizer (~> 1.0, >= 1.2.0)
    actiontext (6.1.4.4)
      actionpack (= 6.1.4.4)
      activerecord (= 6.1.4.4)
      activestorage (= 6.1.4.4)
      activesupport (= 6.1.4.4)
      nokogiri (>= 1.8.5)
    actionview (6.1.4.4)
      activesupport (= 6.1.4.4)
      builder (~> 3.1)
      erubi (~> 1.4)
      rails-dom-testing (~> 2.0)
      rails-html-sanitizer (~> 1.1, >= 1.2.0)
    activejob (6.1.4.4)
      activesupport (= 6.1.4.4)
      globalid (>= 0.3.6)
    activemodel (6.1.4.4)
      activesupport (= 6.1.4.4)
    activerecord (6.1.4.4)
      activemodel (= 6.1.4.4)
      activesupport (= 6.1.4.4)
    activestorage (6.1.4.4)
      actionpack (= 6.1.4.4)
      activejob (= 6.1.4.4)
      activerecord (= 6.1.4.4)
      activesupport (= 6.1.4.4)
      marcel (~> 1.0.0)
      mini_mime (>= 1.1.0)
    activesupport (6.1.4.4)
      concurrent-ruby (~> 1.0, >= 1.0.2)
      i18n (>= 1.6, < 2)
      minitest (>= 5.1)
      tzinfo (~> 2.0)
      zeitwerk (~> 2.3)
    ast (2.4.2)
    autoprefixer-rails (10.4.0.0)
      execjs (~> 2)
    bixby (3.0.2)
      rubocop (= 0.85.1)
      rubocop-ast (~> 0.3.0)
      rubocop-performance
      rubocop-rails
      rubocop-rspec
    bootstrap-sass (3.4.1)
      autoprefixer-rails (>= 5.2.1)
      sassc (>= 2.0.0)
    builder (3.2.4)
    byebug (11.1.3)
    coderay (1.1.3)
    concurrent-ruby (1.1.9)
    crass (1.0.6)
    database_cleaner-active_record (2.0.1)
      activerecord (>= 5.a)
      database_cleaner-core (~> 2.0.0)
    database_cleaner-core (2.0.1)
    diff-lcs (1.5.0)
    docile (1.4.0)
    ejs (1.1.1)
    erubi (1.10.0)
    execjs (2.8.1)
    ffi (1.15.5)
    globalid (1.0.0)
      activesupport (>= 5.0)
    i18n (1.8.11)
      concurrent-ruby (~> 1.0)
    jquery-rails (4.4.0)
      rails-dom-testing (>= 1, < 3)
      railties (>= 4.2.0)
      thor (>= 0.14, < 2.0)
    loofah (2.13.0)
      crass (~> 1.0.2)
      nokogiri (>= 1.5.9)
    mail (2.7.1)
      mini_mime (>= 0.1.1)
    marcel (1.0.2)
    method_source (1.0.0)
    mini_mime (1.1.2)
    mini_portile2 (2.6.1)
    minitest (5.15.0)
    nio4r (2.5.8)
    nokogiri (1.12.5)
      mini_portile2 (~> 2.6.1)
      racc (~> 1.4)
    parallel (1.21.0)
    parser (3.0.3.2)
      ast (~> 2.4.1)
    pry (0.13.1)
      coderay (~> 1.1)
      method_source (~> 1.0)
    pry-byebug (3.9.0)
      byebug (~> 11.0)
      pry (~> 0.13.0)
    racc (1.6.0)
    rack (2.2.3)
    rack-test (1.1.0)
      rack (>= 1.0, < 3)
    rails (6.1.4.4)
      actioncable (= 6.1.4.4)
      actionmailbox (= 6.1.4.4)
      actionmailer (= 6.1.4.4)
      actionpack (= 6.1.4.4)
      actiontext (= 6.1.4.4)
      actionview (= 6.1.4.4)
      activejob (= 6.1.4.4)
      activemodel (= 6.1.4.4)
      activerecord (= 6.1.4.4)
      activestorage (= 6.1.4.4)
      activesupport (= 6.1.4.4)
      bundler (>= 1.15.0)
      railties (= 6.1.4.4)
      sprockets-rails (>= 2.0.0)
    rails-controller-testing (1.0.5)
      actionpack (>= 5.0.1.rc1)
      actionview (>= 5.0.1.rc1)
      activesupport (>= 5.0.1.rc1)
    rails-dom-testing (2.0.3)
      activesupport (>= 4.2.0)
      nokogiri (>= 1.6)
    rails-html-sanitizer (1.4.2)
      loofah (~> 2.3)
    railties (6.1.4.4)
      actionpack (= 6.1.4.4)
      activesupport (= 6.1.4.4)
      method_source
      rake (>= 0.13)
      thor (~> 1.0)
    rainbow (3.0.0)
    rake (13.0.6)
    rb-fsevent (0.11.0)
    rb-inotify (0.10.1)
      ffi (~> 1.0)
    regexp_parser (2.2.0)
    rexml (3.2.5)
    rspec (3.10.0)
      rspec-core (~> 3.10.0)
      rspec-expectations (~> 3.10.0)
      rspec-mocks (~> 3.10.0)
    rspec-core (3.10.1)
      rspec-support (~> 3.10.0)
    rspec-expectations (3.10.1)
      diff-lcs (>= 1.2.0, < 2.0)
      rspec-support (~> 3.10.0)
    rspec-mocks (3.10.2)
      diff-lcs (>= 1.2.0, < 2.0)
      rspec-support (~> 3.10.0)
    rspec-rails (5.0.2)
      actionpack (>= 5.2)
      activesupport (>= 5.2)
      railties (>= 5.2)
      rspec-core (~> 3.10)
      rspec-expectations (~> 3.10)
      rspec-mocks (~> 3.10)
      rspec-support (~> 3.10)
    rspec-support (3.10.3)
    rubocop (0.85.1)
      parallel (~> 1.10)
      parser (>= 2.7.0.1)
      rainbow (>= 2.2.2, < 4.0)
      regexp_parser (>= 1.7)
      rexml
      rubocop-ast (>= 0.0.3)
      ruby-progressbar (~> 1.7)
      unicode-display_width (>= 1.4.0, < 2.0)
    rubocop-ast (0.3.0)
      parser (>= 2.7.1.4)
    rubocop-performance (1.7.1)
      rubocop (>= 0.82.0)
    rubocop-rails (2.6.0)
      activesupport (>= 4.2.0)
      rack (>= 1.1)
      rubocop (>= 0.82.0)
    rubocop-rspec (1.41.0)
      rubocop (>= 0.68.1)
    ruby-progressbar (1.11.0)
    sass (3.7.4)
      sass-listen (~> 4.0.0)
    sass-listen (4.0.0)
      rb-fsevent (~> 0.9, >= 0.9.4)
      rb-inotify (~> 0.9, >= 0.9.7)
    sass-rails (5.1.0)
      railties (>= 5.2.0)
      sass (~> 3.1)
      sprockets (>= 2.8, < 4.0)
      sprockets-rails (>= 2.0, < 4.0)
      tilt (>= 1.1, < 3)
    sassc (2.4.0)
      ffi (~> 1.9)
    simplecov (0.21.2)
      docile (~> 1.1)
      simplecov-html (~> 0.11)
      simplecov_json_formatter (~> 0.1)
    simplecov-html (0.12.3)
    simplecov_json_formatter (0.1.3)
    sprockets (3.7.2)
      concurrent-ruby (~> 1.0)
      rack (> 1, < 3)
    sprockets-rails (3.4.2)
      actionpack (>= 5.2)
      activesupport (>= 5.2)
      sprockets (>= 3.0.0)
    sqlite3 (1.4.2)
    thor (1.1.0)
    tilt (2.0.10)
    tzinfo (2.0.4)
      concurrent-ruby (~> 1.0)
    unicode-display_width (1.8.0)
    websocket-driver (0.7.5)
      websocket-extensions (>= 0.1.0)
    websocket-extensions (0.1.5)
    zeitwerk (2.5.2)

PLATFORMS
  ruby

DEPENDENCIES
  bixby (~> 3.0.2, >= 3.0.2)
  browse_everything!
  database_cleaner-active_record (~> 2.0.1, >= 2.0.1)
  pry-byebug (~> 3.9.0, >= 3.9.0)
  rails-controller-testing (~> 1.0.5, >= 1.0.5)
  rspec (~> 3.10.0, >= 3.10.0)
  rspec-rails (~> 5.0.2, >= 5.0.2)
  simplecov (~> 0.21.2, >= 0.21.2)
  sqlite3

BUNDLED WITH
   2.1.4
